RESTRICTION: || (== netstandard2.0) (== netcoreapp2.0)
NUGET
  remote: https://api.nuget.org/v3/index.json
    FAKE (4.63)
    FSharp.Core (4.2.3)
    FsUnit (3.0)
      FSharp.Core (>= 4.1)
      NETStandard.Library (>= 1.6)
      NUnit (>= 3.6)
    HtmlAgilityPack (1.5.2)
      NETStandard.Library (>= 1.6.1)
      System.Net.Http (>= 4.3.1)
      System.Xml.XmlDocument (>= 4.3)
      System.Xml.XPath (>= 4.3)
      System.Xml.XPath.XmlDocument (>= 4.3)
    Microsoft.NET.Test.Sdk (15.3)
      Microsoft.TestPlatform.TestHost (>= 15.3)
    Microsoft.NETCore.Platforms (2.0)
    Microsoft.TestPlatform.TestHost (15.3)
    NETStandard.Library (2.0)
      Microsoft.NETCore.Platforms (>= 1.1)
      Microsoft.NETCore.Platforms (>= 1.1) - restriction: || (== netstandard2.0) (&& (== netstandard2.0) (== netcoreapp2.0))
      Microsoft.NETCore.Platforms (>= 1.1) - restriction: || (&& (== netstandard2.0) (== netcoreapp2.0)) (== netcoreapp2.0)
      System.Runtime.InteropServices.RuntimeInformation (>= 4.3)
    Nuget.CommandLine (4.3)
    NUnit (3.8.1)
      NETStandard.Library (>= 1.6)
      System.Runtime.Loader (>= 4.3)
      System.Threading.Thread (>= 4.3)
    NUnit3TestAdapter (3.8)
    System.IO (4.3)
    System.Net.Http (4.3.2)
    System.Reflection (4.3)
    System.Runtime (4.3)
    System.Runtime.InteropServices.RuntimeInformation (4.3)
    System.Runtime.Loader (4.3)
      System.IO (>= 4.3)
      System.Reflection (>= 4.3)
      System.Runtime (>= 4.3)
    System.Threading.Thread (4.3)
    System.Xml.XmlDocument (4.3)
    System.Xml.XPath (4.3)
    System.Xml.XPath.XmlDocument (4.3)
